GEM
  remote: http://rubygems.org/
  specs:
    backports (3.1.1)
    coffee-script (2.2.0)
      coffee-script-source
      execjs
    coffee-script-source (1.6.1)
    daemons (1.1.9)
    dashing (1.0.4)
      coffee-script
      rack
      rufus-scheduler
      sass
      sinatra
      sinatra-contrib
      sprockets
      thin
      thor
    eventmachine (1.0.3)
    eventmachine (1.0.3-x86-mingw32)
    execjs (1.4.0)
      multi_json (~> 1.0)
    git_repository (0.0.11)
    hike (1.2.1)
    httparty (0.8.1)
      multi_json
      multi_xml
    json (1.6.1)
    leankitkanban (0.1.1)
      httparty (= 0.8.1)
      json (= 1.6.1)
    multi_json (1.7.1)
    multi_xml (0.5.3)
    rack (1.5.2)
    rack-protection (1.5.0)
      rack
    rack-test (0.6.2)
      rack (>= 1.0)
    rufus-scheduler (2.0.18)
      tzinfo (>= 0.3.23)
    sass (3.2.7)
    sinatra (1.3.6)
      rack (~> 1.4)
      rack-protection (~> 1.3)
      tilt (~> 1.3, >= 1.3.3)
    sinatra-contrib (1.3.2)
      backports (>= 2.0)
      eventmachine
      rack-protection
      rack-test
      sinatra (~> 1.3.0)
      tilt (~> 1.3)
    sprockets (2.9.0)
      hike (~> 1.2)
      multi_json (~> 1.0)
      rack (~> 1.0)
      tilt (~> 1.1, != 1.3.0)
    thin (1.5.1)
      daemons (>= 1.0.9)
      eventmachine (>= 0.12.6)
      rack (>= 1.0.0)
    thor (0.17.0)
    tilt (1.3.6)
    tzinfo (0.3.37)
    xml-simple (1.1.2)

PLATFORMS
  ruby
  x86-mingw32

DEPENDENCIES
  dashing
  git_repository
  leankitkanban
  xml-simple
